NUGET
  remote: https://nuget.org/api/v2
  specs:
    FAKE (3.35.4)
    FSharp.Compiler.Service (0.0.90)
    FSharp.Formatting (2.9.9)
      FSharp.Compiler.Service (>= 0.0.87)
      FSharpVSPowerTools.Core (1.8.0)
    FSharpVSPowerTools.Core (1.8.0)
      FSharp.Compiler.Service (>= 0.0.87)
    Microsoft.Bcl (1.1.10)
      Microsoft.Bcl.Build (>= 1.0.14)
    Microsoft.Bcl.Build (1.0.21)
    Microsoft.Net.Http (2.2.29)
      Microsoft.Bcl (>= 1.1.10)
      Microsoft.Bcl.Build (>= 1.0.14)
    Nancy (1.2.0)
    Nancy.Hosting.Self (1.2.0) - framework: >= net40, >= net45
      Nancy (>= 1.2.0)
    Newtonsoft.Json (7.0.1) - framework: >= net40, >= net45
    NUnit (2.6.4)
    NUnit.Runners (2.6.4)
    Octokit (0.13.0)
      Microsoft.Net.Http
    PactNet (1.0.5)
      Microsoft.Net.Http (>= 2.2.28) - framework: >= net40 < net45
      Nancy.Hosting.Self (>= 0.23.1) - framework: >= net40, >= net45
      Newtonsoft.Json (>= 6.0.3) - framework: >= net40, >= net45
      System.IO.Abstractions (>= 1.4.0.86) - framework: >= net40, >= net45
    SourceLink.Fake (0.5.0)
    System.IO.Abstractions (2.0.0.115) - framework: >= net40, >= net45
GITHUB
  remote: fsharp/FAKE
  specs:
    modules/Octokit/Octokit.fsx (98d8f2e57e8f9972703d4237dd62f8e13d6b8d7d)
      Octokit